GIT
  remote: git@github.com:zurb/foundation.git
  revision: 860c040f4db9af64712e8a67229e74dda447edc7
  specs:
    zurb-foundation (3.2.2)
      compass (>= 0.12.2)
      modular-scale (>= 1.0.2)
      rake
      sass (>= 3.2.0)

GEM
  remote: http://rubygems.org/
  specs:
    chunky_png (1.2.6)
    compass (0.12.2)
      chunky_png (~> 1.2)
      fssm (>= 0.2.7)
      sass (~> 3.1)
    fssm (0.2.9)
    modular-scale (1.0.2)
      compass (>= 0.11.5)
      sassy-math (>= 1.2)
    rake (0.9.2.2)
    sass (3.2.3)
    sassy-math (1.2)
      compass (~> 0.11)

PLATFORMS
  ruby

DEPENDENCIES
  compass
  zurb-foundation!
